PATH
  remote: .
  specs:
    ruby_wrapper (0.1.0)

GEM
  remote: https://rubygems.org/
  specs:
    ffi (1.9.18-java)
    minitest (5.10.2)
    rake (10.4.2)

PLATFORMS
  java

DEPENDENCIES
  bundler (~> 1.16)
  ffi (~> 1.9)
  minitest (~> 5.0)
  rake (~> 10.0)
  ruby_wrapper!

BUNDLED WITH
   1.16.1
